GEM
  remote: https://rubygems.org/
  specs:
    httparty (0.14.0)
      multi_xml (>= 0.5.2)
    json_pure (2.0.2)
    multi_xml (0.5.5)

PLATFORMS
  ruby

DEPENDENCIES
  httparty
  json_pure

BUNDLED WITH
   1.13.6
